PATH
  remote: .
  specs:
    haiti-hash (2.1.0)
      docopt (~> 0.6)
      paint (~> 2.3)

GEM
  remote: https://rubygems.org/
  specs:
    asciidoctor (2.0.23)
    ast (2.4.2)
    commonmarker (0.23.10)
    docopt (0.6.1)
    json (2.7.2)
    language_server-protocol (3.17.0.3)
    minitest (5.24.1)
    paint (2.3.0)
    parallel (1.25.1)
    parser (3.3.4.0)
      ast (~> 2.4.1)
      racc
    racc (1.8.1)
    rainbow (3.1.1)
    rake (13.2.1)
    regexp_parser (2.9.2)
    rexml (3.3.4)
      strscan
    rubocop (1.65.1)
      json (~> 2.3)
      language_server-protocol (>= 3.17.0)
      parallel (~> 1.10)
      parser (>= 3.3.0.2)
      rainbow (>= 2.2.2, < 4.0)
      regexp_parser (>= 2.4, < 3.0)
      rexml (>= 3.2.5, < 4.0)
      rubocop-ast (>= 1.31.1, < 2.0)
      ruby-progressbar (~> 1.7)
      unicode-display_width (>= 2.4.0, < 3.0)
    rubocop-ast (1.31.3)
      parser (>= 3.3.1.0)
    ruby-progressbar (1.13.0)
    strscan (3.1.0)
    unicode-display_width (2.5.0)
    yard (0.9.36)

PLATFORMS
  x86_64-linux

DEPENDENCIES
  asciidoctor (~> 2.0)
  bundler (~> 2.1)
  commonmarker (~> 0.23)
  docopt (~> 0.6)
  haiti-hash!
  minitest (~> 5.24)
  paint (~> 2.3)
  rake (~> 13.2)
  rubocop (~> 1.65)
  yard (>= 0.9.27, < 0.10)

BUNDLED WITH
   2.5.6
