PATH
  remote: .
  specs:
    haiti-hash (1.3.0)
      docopt (~> 0.6)
      paint (~> 2.2)

GEM
  remote: https://rubygems.org/
  specs:
    ast (2.4.2)
    commonmarker (0.23.4)
    docopt (0.6.1)
    minitest (5.15.0)
    paint (2.2.1)
    parallel (1.22.1)
    parser (3.1.2.0)
      ast (~> 2.4.1)
    rainbow (3.1.1)
    rake (13.0.6)
    regexp_parser (2.3.1)
    rexml (3.2.5)
    rubocop (1.28.2)
      parallel (~> 1.10)
      parser (>= 3.1.0.0)
      rainbow (>= 2.2.2, < 4.0)
      regexp_parser (>= 1.8, < 3.0)
      rexml
      rubocop-ast (>= 1.17.0, < 2.0)
      ruby-progressbar (~> 1.7)
      unicode-display_width (>= 1.4.0, < 3.0)
    rubocop-ast (1.17.0)
      parser (>= 3.1.1.0)
    ruby-progressbar (1.11.0)
    unicode-display_width (2.1.0)
    webrick (1.7.0)
    yard (0.9.27)
      webrick (~> 1.7.0)

PLATFORMS
  ruby

DEPENDENCIES
  bundler (~> 2.1)
  commonmarker (~> 0.23)
  docopt (~> 0.6)
  haiti-hash!
  minitest (~> 5.15)
  paint (~> 2.2)
  rake (~> 13.0)
  rubocop (~> 1.28)
  yard (>= 0.9.27, < 0.10)

BUNDLED WITH
   2.3.6
