PATH
  remote: .
  specs:
    haiti-hash (1.5.0)
      docopt (~> 0.6)
      paint (~> 2.2)

GEM
  remote: https://rubygems.org/
  specs:
    ast (2.4.2)
    commonmarker (0.23.8)
    docopt (0.6.1)
    json (2.6.3)
    minitest (5.17.0)
    paint (2.3.0)
    parallel (1.23.0)
    parser (3.2.2.1)
      ast (~> 2.4.1)
    rainbow (3.1.1)
    rake (13.0.6)
    regexp_parser (2.8.0)
    rexml (3.2.5)
    rubocop (1.50.2)
      json (~> 2.3)
      parallel (~> 1.10)
      parser (>= 3.2.0.0)
      rainbow (>= 2.2.2, < 4.0)
      regexp_parser (>= 1.8, < 3.0)
      rexml (>= 3.2.5, < 4.0)
      rubocop-ast (>= 1.28.0, < 2.0)
      ruby-progressbar (~> 1.7)
      unicode-display_width (>= 2.4.0, < 3.0)
    rubocop-ast (1.28.1)
      parser (>= 3.2.1.0)
    ruby-progressbar (1.13.0)
    unicode-display_width (2.4.2)
    yard (0.9.34)

PLATFORMS
  x86_64-linux

DEPENDENCIES
  bundler (~> 2.1)
  commonmarker (~> 0.23)
  docopt (~> 0.6)
  haiti-hash!
  minitest (~> 5.15)
  paint (~> 2.3)
  rake (~> 13.0)
  rubocop (~> 1.50)
  yard (>= 0.9.27, < 0.10)

BUNDLED WITH
   2.4.6
